GEM
  remote: https://rubygems.org/
  specs:
    addressable (2.3.5)
    backports (3.5.0)
    commonjs (0.2.7)
    filewatcher (0.3.2)
      trollop (>= 1.16.2)
    httparty (0.10.2)
      multi_json (~> 1.0)
      multi_xml (>= 0.5.2)
    json (1.5.5)
    launchy (2.4.2)
      addressable (~> 2.3)
    less (2.4.0)
      commonjs (~> 0.2.7)
    libv8 (3.16.14.3)
    liquid (2.6.1)
    multi_json (1.8.4)
    multi_xml (0.5.5)
    rack (1.5.2)
    rack-protection (1.5.2)
      rack
    rack-test (0.6.2)
      rack (>= 1.0)
    ref (1.0.5)
    shopify_theme (0.0.15)
      filewatcher
      httparty (~> 0.10.0)
      json (~> 1.5.4)
      launchy
      thor (>= 0.14.4)
    sinatra (1.4.4)
      rack (~> 1.4)
      rack-protection (~> 1.4)
      tilt (~> 1.3, >= 1.3.4)
    sinatra-contrib (1.4.2)
      backports (>= 2.0)
      multi_json
      rack-protection
      rack-test
      sinatra (~> 1.4.0)
      tilt (~> 1.3)
    therubyracer (0.12.1)
      libv8 (~> 3.16.14.0)
      ref
    thor (0.18.1)
    tilt (1.4.1)
    trollop (2.0)

PLATFORMS
  ruby

DEPENDENCIES
  less
  liquid
  shopify_theme
  sinatra
  sinatra-contrib
  therubyracer
