GEM
  remote: http://rubygems.org/
  specs:
    addressable (2.3.6)
    filewatcher (0.3.5)
      trollop (~> 2.0)
    httparty (0.13.3)
      json (~> 1.8)
      multi_xml (>= 0.5.2)
    json (1.8.1)
    launchy (2.4.3)
      addressable (~> 2.3)
    mimemagic (0.2.1)
    multi_xml (0.5.5)
    shopify_theme (0.0.21)
      filewatcher
      httparty (~> 0.13.0)
      json (~> 1.8.0)
      launchy
      mimemagic
      thor (>= 0.14.4)
    thor (0.19.1)
    trollop (2.0)

PLATFORMS
  ruby

DEPENDENCIES
  shopify_theme
